PATH
  remote: .
  specs:
    rusty-swiss-village-directory (0.0.1)
      bundler (>= 1.12)
      rake
      rutie (~> 0.0.3)
      thermite (~> 0.13.0)

GEM
  remote: https://rubygems.org/
  specs:
    ast (2.4.2)
    memory_profiler (1.0.0)
    minitar (0.9)
    minitest (5.14.3)
    parallel (1.20.1)
    parser (3.0.0.0)
      ast (~> 2.4.1)
    rainbow (3.0.0)
    rake (13.0.3)
    regexp_parser (2.0.3)
    rexml (3.2.4)
    rubocop (1.9.1)
      parallel (~> 1.10)
      parser (>= 3.0.0.0)
      rainbow (>= 2.2.2, < 4.0)
      regexp_parser (>= 1.8, < 3.0)
      rexml
      rubocop-ast (>= 1.2.0, < 2.0)
      ruby-progressbar (~> 1.7)
      unicode-display_width (>= 1.4.0, < 3.0)
    rubocop-ast (1.4.1)
      parser (>= 2.7.1.5)
    ruby-progressbar (1.11.0)
    rutie (0.0.4)
    stop_watch (1.0.0)
    swiss-village-directory (0.3.0)
    thermite (0.13.0)
      minitar (~> 0.5)
      rake (>= 10)
      tomlrb (~> 1.2)
    tomlrb (1.3.0)
    unicode-display_width (2.0.0)

PLATFORMS
  x86_64-darwin-19

DEPENDENCIES
  memory_profiler
  minitest
  rake (~> 13.0)
  rubocop (~> 1.7)
  rusty-swiss-village-directory!
  stop_watch (~> 1.0)
  swiss-village-directory

BUNDLED WITH
   2.2.7
